PATH
  remote: .
  specs:
    vimpack (0.0.1)
      thor

GEM
  remote: http://rubygems.org/
  specs:
    aruba (0.2.7)
      background_process
      cucumber (~> 0.10.0)
    autotest-growl (0.2.9)
    autotest-standalone (4.5.4)
    background_process (1.2)
    builder (3.0.0)
    cucumber (0.10.0)
      builder (>= 2.1.2)
      diff-lcs (~> 1.1.2)
      gherkin (~> 2.3.2)
      json (~> 1.4.6)
      term-ansicolor (~> 1.0.5)
    diff-lcs (1.1.2)
    gherkin (2.3.3)
      json (~> 1.4.6)
    json (1.4.6)
    rspec (2.4.0)
      rspec-core (~> 2.4.0)
      rspec-expectations (~> 2.4.0)
      rspec-mocks (~> 2.4.0)
    rspec-core (2.4.0)
    rspec-expectations (2.4.0)
      diff-lcs (~> 1.1.2)
    rspec-mocks (2.4.0)
    simplecov (0.3.9)
      simplecov-html (>= 0.3.7)
    simplecov-html (0.3.9)
    term-ansicolor (1.0.5)
    thor (0.14.6)

PLATFORMS
  ruby

DEPENDENCIES
  aruba
  autotest-growl
  autotest-standalone
  cucumber
  rspec
  simplecov
  thor
  vimpack!
